GEM
  remote: http://rubygems.org/
  specs:
    active_support (3.0.0)
      activesupport (= 3.0.0)
    activesupport (3.0.0)
    geocoder (1.1.4)
    i18n (0.6.1)

PLATFORMS
  ruby

DEPENDENCIES
  active_support
  geocoder
  i18n
